PATH
  remote: .
  specs:
    acl9 (0.12.0)
      rails (= 2.3.12)

GEM
  remote: http://rubygems.org/
  specs:
    actionmailer (2.3.12)
      actionpack (= 2.3.12)
    actionpack (2.3.12)
      activesupport (= 2.3.12)
      rack (~> 1.1.0)
    activerecord (2.3.12)
      activesupport (= 2.3.12)
    activeresource (2.3.12)
      activesupport (= 2.3.12)
    activesupport (2.3.12)
    ansi (1.3.0)
    be9-context (0.5.5)
    jnunemaker-matchy (0.4.0)
    rack (1.1.3)
    rails (2.3.12)
      actionmailer (= 2.3.12)
      actionpack (= 2.3.12)
      activerecord (= 2.3.12)
      activeresource (= 2.3.12)
      activesupport (= 2.3.12)
      rake (>= 0.8.3)
    rake (0.9.2.2)
    sqlite3 (1.3.5)
    turn (0.8.3)
      ansi
    yard (0.7.5)

PLATFORMS
  ruby

DEPENDENCIES
  acl9!
  be9-context (>= 0.5.5)
  jnunemaker-matchy (>= 0.4.0)
  rake
  sqlite3
  turn
  yard
